GEM
  remote: https://rubygems.org/
  specs:
    actionmailer (4.1.9)
      actionpack (= 4.1.9)
      actionview (= 4.1.9)
      mail (~> 2.5, >= 2.5.4)
    actionpack (4.1.9)
      actionview (= 4.1.9)
      activesupport (= 4.1.9)
      rack (~> 1.5.2)
      rack-test (~> 0.6.2)
    actionview (4.1.9)
      activesupport (= 4.1.9)
      builder (~> 3.1)
      erubis (~> 2.7.0)
    activemodel (4.1.9)
      activesupport (= 4.1.9)
      builder (~> 3.1)
    activerecord (4.1.9)
      activemodel (= 4.1.9)
      activesupport (= 4.1.9)
      arel (~> 5.0.0)
    activesupport (4.1.9)
      i18n (~> 0.6, >= 0.6.9)
      json (~> 1.7, >= 1.7.7)
      minitest (~> 5.1)
      thread_safe (~> 0.1)
      tzinfo (~> 1.1)
    annotate (2.6.5)
      activerecord (>= 2.3.0)
      rake (>= 0.8.7)
    arel (5.0.1.20140414130214)
    aws-sdk (1.61.0)
      aws-sdk-v1 (= 1.61.0)
    aws-sdk-core (2.0.21)
      builder (~> 3.0)
      jmespath (~> 1.0)
      multi_json (~> 1.0)
      multi_xml (~> 0.5)
    aws-sdk-v1 (1.61.0)
      json (~> 1.4)
      nokogiri (>= 1.4.4)
    builder (3.2.2)
    diff-lcs (1.2.5)
    docile (1.1.5)
    erubis (2.7.0)
    ethon (0.7.2)
      ffi (>= 1.3.0)
    factory_girl (4.5.0)
      activesupport (>= 3.0.0)
    factory_girl_rails (4.5.0)
      factory_girl (~> 4.5.0)
      railties (>= 3.0.0)
    ffi (1.9.6)
    ffi-rzmq (1.0.3)
      ffi
    foreigner (1.7.2)
      activerecord (>= 3.0.0)
    hike (1.2.3)
    i18n (0.7.0)
    immigrant (0.2.0)
      activerecord (>= 3.0)
    jbuilder (2.2.6)
      activesupport (>= 3.0.0, < 5)
      multi_json (~> 1.2)
    jmespath (1.0.2)
      multi_json (~> 1.0)
    json (1.8.2)
    mail (2.6.3)
      mime-types (>= 1.16, < 3)
    memory_test_fix (1.2.2)
      activerecord (>= 3.2.0, < 4.99.0)
      railties (>= 3.2.0, < 4.99.0)
    mime-types (2.4.3)
    mini_portile (0.6.0)
    minitest (5.5.1)
    multi_json (1.10.1)
    multi_xml (0.5.5)
    nokogiri (1.6.3.1)
      mini_portile (= 0.6.0)
    ocean-dynamo (0.7.2)
      activemodel
      activesupport
      aws-sdk (~> 1.0)
      aws-sdk-core
    ocean-rails (4.0.11)
      ffi
      ffi-rzmq (~> 1.0)
      jbuilder
      mini_portile (= 0.6.0)
      nokogiri (= 1.6.3.1)
      ocean-dynamo (>= 0.5.7)
      oj
      rack-attack
      typhoeus
    oj (2.11.4)
    oj_mimic_json (1.0.1)
    pg (0.18.1)
    protected_attributes (1.0.8)
      activemodel (>= 4.0.1, < 5.0)
    rack (1.5.2)
    rack-attack (4.2.0)
      rack
    rack-test (0.6.3)
      rack (>= 1.0)
    rails (4.1.9)
      actionmailer (= 4.1.9)
      actionpack (= 4.1.9)
      actionview (= 4.1.9)
      activemodel (= 4.1.9)
      activerecord (= 4.1.9)
      activesupport (= 4.1.9)
      bundler (>= 1.3.0, < 2.0)
      railties (= 4.1.9)
      sprockets-rails (~> 2.0)
    railties (4.1.9)
      actionpack (= 4.1.9)
      activesupport (= 4.1.9)
      rake (>= 0.8.7)
      thor (>= 0.18.1, < 2.0)
    rake (10.4.2)
    rspec-collection_matchers (1.1.2)
      rspec-expectations (>= 2.99.0.beta1)
    rspec-core (2.99.2)
    rspec-expectations (2.99.2)
      diff-lcs (>= 1.1.3, < 2.0)
    rspec-mocks (2.99.3)
    rspec-rails (2.99.0)
      actionpack (>= 3.0)
      activemodel (>= 3.0)
      activesupport (>= 3.0)
      railties (>= 3.0)
      rspec-collection_matchers
      rspec-core (~> 2.99.0)
      rspec-expectations (~> 2.99.0)
      rspec-mocks (~> 2.99.0)
    simplecov (0.9.1)
      docile (~> 1.1.0)
      multi_json (~> 1.0)
      simplecov-html (~> 0.8.0)
    simplecov-html (0.8.0)
    sprockets (2.12.3)
      hike (~> 1.2)
      multi_json (~> 1.0)
      rack (~> 1.0)
      tilt (~> 1.1, != 1.3.0)
    sprockets-rails (2.2.4)
      actionpack (>= 3.0)
      activesupport (>= 3.0)
      sprockets (>= 2.8, < 4.0)
    sqlite3 (1.3.10)
    thor (0.19.1)
    thread_safe (0.3.4)
    tilt (1.4.1)
    typhoeus (0.7.1)
      ethon (>= 0.7.1)
    tzinfo (1.2.2)
      thread_safe (~> 0.1)

PLATFORMS
  ruby

DEPENDENCIES
  annotate (>= 2.5.0)
  aws-sdk-core
  factory_girl_rails (~> 4.0)
  foreigner
  immigrant
  jbuilder
  memory_test_fix
  ocean-rails
  oj
  oj_mimic_json
  pg
  protected_attributes
  rails (= 4.1.9)
  rspec-rails (~> 2.0)
  simplecov
  sqlite3
